GIT
  remote: https://github.com/SFEley/sinatra-flash.git
  revision: 9060a9c022327ff53cc1971c363fe0ca0d9b262d
  specs:
    sinatra-flash (0.3.0)
      sinatra (>= 1.0.0)

GEM
  remote: https://rubygems.org/
  specs:
    rack (1.5.2)
    sinatra (1.1.0)
      rack (~> 1.1)
      tilt (~> 1.1)
    tilt (1.4.1)

PLATFORMS
  ruby

DEPENDENCIES
  sinatra (= 1.1.0)
  sinatra-flash!
